{
	"Modality": "MR",
	"MagneticFieldStrength": 3,
	"ImagingFrequency": 127.76,
	"Manufacturer": "Philips",
	"ManufacturersModelName": "Achieva dStream",
	"DeviceSerialNumber": "34111",
	"StationName": "HOST_INGENIA",
	"SeriesInstanceUID": "1.3.46.670589.11.34111.5.0.1988.2019041715280900611",
	"StudyInstanceUID": "1.3.46.670589.11.34111.5.0.14848.2019041715063302008",
	"StudyID": "600699993",
	"PatientName": "6648_MC_ANAT_DTI_NIKITA_17042019",
	"PatientID": "6648",
	"PatientBirthDate": "1950-01-01",
	"PatientSex": "M",
	"PatientWeight": 50,
	"BodyPartExamined": "HEAD",
	"PatientPosition": "HFS",
	"SoftwareVersions": "5.3.1\\5.3.1.1",
	"MRAcquisitionType": "2D",
	"SeriesDescription": "DTI_high_B0invert_H_4B0",
	"ProtocolName": "DTI_high_B0invert_H_4B0",
	"ScanningSequence": "SE",
	"SequenceVariant": "SK",
	"ScanOptions": "FS",
	"ImageType": ["ORIGINAL", "PRIMARY", "M", "SE", "M", "SE"],
	"SeriesNumber": 401,
	"AcquisitionTime": "15:28:44.370000",
	"AcquisitionDateTime": "2019-04-17T15:28:44.370000",
	"AcquisitionNumber": 4,
	"PhilipsRescaleSlope": 12.4103,
	"PhilipsRescaleIntercept": 0,
	"PhilipsScaleSlope": 0.0249755,
	"UsePhilipsFloatNotDisplayScaling": 1,
	"SliceThickness": 1,
	"SpacingBetweenSlices": 1,
	"SAR": 1.312,
	"EchoTime": 0.026199,
	"RepetitionTime": 7.52043,
	"FlipAngle": 90,
	"CoilString": "TEST1_RI",
	"PercentPhaseFOV": 100,
	"PercentSampling": 100,
	"EchoTrainLength": 53,
	"PartialFourierEnabled": "YES",
	"PhaseEncodingStepsNoPartialFourier": 100,
	"AcquisitionMatrixPE": 100,
	"ReconMatrixPE": 112,
	"ParallelReductionFactorInPlane": 1.9,
	"WaterFatShift": 22.2215,
	"EstimatedEffectiveEchoSpacing": 0.000452335,
	"EstimatedTotalReadoutTime": 0.0502092,
	"PixelBandwidth": 1317,
	"PhaseEncodingAxis": "j",
	"PhaseEncodingDirection": "j-",
	"TotalReadoutTime": "0.0502",
	"IntendedFor": "ses-02/dwi/sub-02_ses-02_acq-PA_dwi.nii.gz",
	"ImageOrientationPatientDICOM": [
		0.997845,
		-0.0583158,
		0.0300751,
		0.0300404,
		-0.0014718,
		-0.999548	],
	"InPlanePhaseEncodingDirectionDICOM": "COL",
	"ConversionSoftware": "dcm2niix",
	"ConversionSoftwareVersion": "v1.0.20210317"
}
