{
	"TaskName": "rest",
	"Modality": "MR",
	"MagneticFieldStrength": 3,
	"ImagingFrequency": 127.762,
	"Manufacturer": "Philips",
	"ManufacturersModelName": "Achieva dStream",
	"DeviceSerialNumber": "34111",
	"StationName": "HOST_INGENIA",
	"SeriesInstanceUID": "1.3.46.670589.11.34111.5.0.2000.2019020715471019727",
	"StudyInstanceUID": "1.3.46.670589.11.34111.5.0.13804.2019020715220056010",
	"StudyID": "599840520",
	"PatientName": "6446_RST_TUNISIE_07022019",
	"PatientID": "6446",
	"PatientBirthDate": "2000-01-01",
	"PatientSex": "M",
	"PatientWeight": 75,
	"BodyPartExamined": "HEAD",
	"PatientPosition": "HFS",
	"SoftwareVersions": "5.3.1\\5.3.1.1",
	"MRAcquisitionType": "2D",
	"SeriesDescription": "EPI_clear_TE30_600Dyn",
	"ProtocolName": "WIP EPI_clear_TE30_600Dyn",
	"ScanningSequence": "GR",
	"SequenceVariant": "SK",
	"ScanOptions": "FS",
	"ImageType": ["ORIGINAL", "PRIMARY", "M", "FFE", "M", "FFE"],
	"SeriesNumber": 501,
	"AcquisitionTime": "15:47:33.990000",
	"AcquisitionDateTime": "2019-02-07T15:47:33.990000",
	"AcquisitionNumber": 5,
	"PhilipsRescaleSlope": 9.60562,
	"PhilipsRescaleIntercept": 0,
	"PhilipsScaleSlope": 0.0274962,
	"UsePhilipsFloatNotDisplayScaling": 1,
	"SliceThickness": 1.8,
	"SpacingBetweenSlices": 1.8,
	"SAR": 0.525366,
	"EchoTime": 0.030001,
	"RepetitionTime": 2,
	"FlipAngle": 75,
	"CoilString": "TEST1_RI",
	"PercentPhaseFOV": 100,
	"PercentSampling": 98.5294,
	"EchoTrainLength": 33,
	"PhaseEncodingSteps": 66,
	"AcquisitionMatrixPE": 66,
	"ReconMatrixPE": 80,
	"ParallelReductionFactorInPlane": 2,
	"WaterFatShift": 10.3916,
	"EstimatedEffectiveEchoSpacing": 0.000293909,
	"EstimatedTotalReadoutTime": 0.0232188,
	"PixelBandwidth": 1925,
	"PhaseEncodingAxis": "j",
	"ImageOrientationPatientDICOM": [
		0.995973,
		-0.0674417,
		0.0590787,
		0.0592537,
		0.000596179,
		-0.998243	],
	"InPlanePhaseEncodingDirectionDICOM": "COL",
	"ConversionSoftware": "dcm2niix",
	"ConversionSoftwareVersion": "v1.0.20210317"
}
