{
	"TaskName": "rest",
	"Modality": "MR",
	"MagneticFieldStrength": 3,
	"ImagingFrequency": 127.76,
	"Manufacturer": "Philips",
	"ManufacturersModelName": "Achieva dStream",
	"DeviceSerialNumber": "34111",
	"StationName": "HOST_INGENIA",
	"SeriesInstanceUID": "1.3.46.670589.11.34111.5.0.7996.2019060515473442432",
	"StudyInstanceUID": "1.3.46.670589.11.34111.5.0.15352.2019060515235261010",
	"StudyID": "599664232",
	"PatientName": "6768_MC_ANAT_TANZANIE_RST_05062019",
	"PatientID": "6768",
	"PatientBirthDate": "1950-01-01",
	"PatientSex": "M",
	"PatientWeight": 50,
	"BodyPartExamined": "HEAD",
	"PatientPosition": "HFS",
	"SoftwareVersions": "5.6.1\\5.6.1.0",
	"MRAcquisitionType": "2D",
	"SeriesDescription": "EPI_clear_TE30_600Dyn",
	"ProtocolName": "WIP EPI_clear_TE30_600Dyn",
	"ScanningSequence": "GR",
	"SequenceVariant": "SK",
	"ScanOptions": "FS",
	"ImageType": ["ORIGINAL", "PRIMARY", "M", "FFE", "M", "FFE"],
	"SeriesNumber": 401,
	"AcquisitionTime": "15:47:59.460000",
	"AcquisitionDateTime": "2019-06-05T15:47:59.460000",
	"AcquisitionNumber": 4,
	"PhilipsRWVSlope": 7.15849,
	"PhilipsRWVIntercept": 0,
	"PhilipsRescaleSlope": 7.15849,
	"PhilipsRescaleIntercept": 0,
	"PhilipsScaleSlope": 0.0272718,
	"UsePhilipsFloatNotDisplayScaling": 1,
	"SliceThickness": 1.8,
	"SpacingBetweenSlices": 1.8,
	"SAR": 0.524617,
	"EchoTime": 0.03,
	"RepetitionTime": 2,
	"FlipAngle": 75,
	"CoilString": "TEST1_RI",
	"PercentPhaseFOV": 100,
	"PercentSampling": 98.5294,
	"EchoTrainLength": 33,
	"PhaseEncodingSteps": 66,
	"AcquisitionMatrixPE": 66,
	"ReconMatrixPE": 80,
	"ParallelReductionFactorInPlane": 2,
	"WaterFatShift": 10.4004,
	"EstimatedEffectiveEchoSpacing": 0.000294159,
	"EstimatedTotalReadoutTime": 0.0232386,
	"PixelBandwidth": 1926,
	"PhaseEncodingAxis": "j",
	"ImageOrientationPatientDICOM": [
		0.999839,
		-0.0174069,
		-0.0042786,
		-0.004812,
		-0.0307171,
		-0.999517	],
	"InPlanePhaseEncodingDirectionDICOM": "COL",
	"ConversionSoftware": "dcm2niix",
	"ConversionSoftwareVersion": "v1.0.20210317"
}
