{
	"TaskName": "rest",
	"Modality": "MR",
	"MagneticFieldStrength": 3,
	"ImagingFrequency": 127.762,
	"Manufacturer": "Philips",
	"ManufacturersModelName": "Achieva dStream",
	"DeviceSerialNumber": "34111",
	"StationName": "HOST_INGENIA",
	"SeriesInstanceUID": "1.3.46.670589.11.34111.5.0.5304.2019010914471665466",
	"StudyInstanceUID": "1.3.46.670589.11.34111.5.0.1732.2019010914165969004",
	"StudyID": "600009423",
	"PatientName": "6358_rsfMRI_NIKITA_08012019",
	"PatientID": "6358",
	"PatientBirthDate": "2000-01-09",
	"PatientSex": "O",
	"PatientWeight": 50,
	"BodyPartExamined": "HEAD",
	"PatientPosition": "HFS",
	"SoftwareVersions": "5.3.1\\5.3.1.1",
	"MRAcquisitionType": "2D",
	"SeriesDescription": "EPI_clear_TE30_102Dyn",
	"ProtocolName": "WIP EPI_clear_TE30_102Dyn",
	"ScanningSequence": "GR",
	"SequenceVariant": "SK",
	"ScanOptions": "FS",
	"ImageType": ["ORIGINAL", "PRIMARY", "M", "FFE", "M", "FFE"],
	"SeriesNumber": 401,
	"AcquisitionTime": "14:48:10.610000",
	"AcquisitionDateTime": "2019-01-09T14:48:10.610000",
	"AcquisitionNumber": 4,
	"PhilipsRescaleSlope": 10.3192,
	"PhilipsRescaleIntercept": 0,
	"PhilipsScaleSlope": 0.0281689,
	"UsePhilipsFloatNotDisplayScaling": 1,
	"SliceThickness": 1.8,
	"SpacingBetweenSlices": 1.8,
	"SAR": 0.525368,
	"EchoTime": 0.03,
	"RepetitionTime": 2,
	"FlipAngle": 75,
	"CoilString": "TEST1_RI",
	"PercentPhaseFOV": 100,
	"PercentSampling": 98.5294,
	"EchoTrainLength": 33,
	"PhaseEncodingSteps": 66,
	"AcquisitionMatrixPE": 66,
	"ReconMatrixPE": 80,
	"ParallelReductionFactorInPlane": 2,
	"WaterFatShift": 10.4005,
	"EstimatedEffectiveEchoSpacing": 0.000294159,
	"EstimatedTotalReadoutTime": 0.0232386,
	"PixelBandwidth": 1926,
	"PhaseEncodingAxis": "j",
	"ImageOrientationPatientDICOM": [
		0.995244,
		-0.0774587,
		0.0590787,
		0.0592567,
		0,
		-0.998243	],
	"InPlanePhaseEncodingDirectionDICOM": "COL",
	"ConversionSoftware": "dcm2niix",
	"ConversionSoftwareVersion": "v1.0.20210317"
}
