{
	"Modality": "MR",
	"MagneticFieldStrength": 3,
	"ImagingFrequency": 127.76,
	"Manufacturer": "Philips",
	"ManufacturersModelName": "Achieva dStream",
	"DeviceSerialNumber": "34111",
	"StationName": "HOST_INGENIA",
	"SeriesInstanceUID": "1.3.46.670589.11.34111.5.0.1960.2019031115270980934",
	"StudyInstanceUID": "1.3.46.670589.11.34111.5.0.13728.2019031115200216010",
	"StudyID": "600186002",
	"PatientName": "6515_DTI_TUNISIE_11032019",
	"PatientID": "6515",
	"PatientBirthDate": "2000-01-01",
	"PatientSex": "M",
	"PatientWeight": 50,
	"BodyPartExamined": "HEAD",
	"PatientPosition": "HFS",
	"SoftwareVersions": "5.3.1\\5.3.1.1",
	"MRAcquisitionType": "2D",
	"SeriesDescription": "DTI_high_128dir",
	"ProtocolName": "DTI_high_128dir",
	"ScanningSequence": "SE",
	"SequenceVariant": "SK",
	"ScanOptions": "FS",
	"ImageType": ["ORIGINAL", "PRIMARY", "M", "SE", "M", "SE"],
	"SeriesNumber": 401,
	"AcquisitionTime": "15:27:44.750000",
	"AcquisitionDateTime": "2019-03-11T15:27:44.750000",
	"AcquisitionNumber": 4,
	"PhilipsRescaleSlope": 30.083,
	"PhilipsRescaleIntercept": 0,
	"PhilipsScaleSlope": 0.0440239,
	"UsePhilipsFloatNotDisplayScaling": 1,
	"SliceThickness": 1,
	"SpacingBetweenSlices": 1,
	"SAR": 1.312,
	"EchoTime": 0.061652,
	"RepetitionTime": 7.13247,
	"FlipAngle": 90,
	"CoilString": "TEST1_RI",
	"PercentPhaseFOV": 100,
	"PercentSampling": 100,
	"EchoTrainLength": 55,
	"PartialFourierEnabled": "YES",
	"PhaseEncodingStepsNoPartialFourier": 120,
	"AcquisitionMatrixPE": 120,
	"ReconMatrixPE": 128,
	"ParallelReductionFactorInPlane": 2.2,
	"WaterFatShift": 23.0438,
	"EstimatedEffectiveEchoSpacing": 0.000410254,
	"EstimatedTotalReadoutTime": 0.0521023,
	"PixelBandwidth": 1317,
	"PhaseEncodingAxis": "j",
	"PhaseEncodingDirection": "j",
	"ImageOrientationPatientDICOM": [
		0.99927,
		0.0375388,
		0.00708796,
		0.00723722,
		-0.00384172,
		-0.999966	],
	"InPlanePhaseEncodingDirectionDICOM": "COL",
	"ConversionSoftware": "dcm2niix",
	"ConversionSoftwareVersion": "v1.0.20210317"
}
