{
	"TaskName": "rest",
	"Modality": "MR",
	"MagneticFieldStrength": 3,
	"ImagingFrequency": 127.762,
	"Manufacturer": "Philips",
	"ManufacturersModelName": "Achieva dStream",
	"DeviceSerialNumber": "34111",
	"StationName": "HOST_INGENIA",
	"SeriesInstanceUID": "1.3.46.670589.11.34111.5.0.5748.2019021315281741686",
	"StudyInstanceUID": "1.3.46.670589.11.34111.5.0.11352.2019021315225334004",
	"StudyID": "600358973",
	"PatientName": "6457_MC_ANESTH_TUNISIE_13022019",
	"PatientID": "6457",
	"PatientBirthDate": "2019-02-13",
	"PatientSex": "O",
	"PatientWeight": 50,
	"BodyPartExamined": "HEAD",
	"PatientPosition": "HFS",
	"SoftwareVersions": "5.3.1\\5.3.1.1",
	"MRAcquisitionType": "2D",
	"SeriesDescription": "EPI_clear_TE30_600Dyn",
	"ProtocolName": "WIP EPI_clear_TE30_600Dyn",
	"ScanningSequence": "GR",
	"SequenceVariant": "SK",
	"ScanOptions": "FS",
	"ImageType": ["ORIGINAL", "PRIMARY", "M", "FFE", "M", "FFE"],
	"SeriesNumber": 401,
	"AcquisitionTime": "15:28:43.470000",
	"AcquisitionDateTime": "2019-02-13T15:28:43.470000",
	"AcquisitionNumber": 4,
	"PhilipsRescaleSlope": 5.97094,
	"PhilipsRescaleIntercept": 0,
	"PhilipsScaleSlope": 0.0274659,
	"UsePhilipsFloatNotDisplayScaling": 1,
	"SliceThickness": 1.8,
	"SpacingBetweenSlices": 1.8,
	"SAR": 0.524975,
	"EchoTime": 0.03,
	"RepetitionTime": 2,
	"FlipAngle": 75,
	"CoilString": "TEST1_RI",
	"PercentPhaseFOV": 100,
	"PercentSampling": 98.5294,
	"EchoTrainLength": 33,
	"PhaseEncodingSteps": 66,
	"AcquisitionMatrixPE": 66,
	"ReconMatrixPE": 80,
	"ParallelReductionFactorInPlane": 2,
	"WaterFatShift": 10.3916,
	"EstimatedEffectiveEchoSpacing": 0.000293909,
	"EstimatedTotalReadoutTime": 0.0232188,
	"PixelBandwidth": 1921,
	"PhaseEncodingAxis": "j",
	"ImageOrientationPatientDICOM": [
		0.997861,
		-0.0279955,
		0.0590787,
		0.0591838,
		0.00293936,
		-0.998243	],
	"InPlanePhaseEncodingDirectionDICOM": "COL",
	"ConversionSoftware": "dcm2niix",
	"ConversionSoftwareVersion": "v1.0.20210317"
}
