{
	"Modality": "MR",
	"MagneticFieldStrength": 3,
	"ImagingFrequency": 127.759,
	"Manufacturer": "Philips",
	"ManufacturersModelName": "Achieva dStream",
	"DeviceSerialNumber": "34111",
	"StationName": "HOST_INGENIA",
	"SeriesInstanceUID": "1.3.46.670589.11.34111.5.0.7552.2019052315191062603",
	"StudyInstanceUID": "1.3.46.670589.11.34111.5.0.8324.2019052315092559004",
	"StudyID": "601218565",
	"PatientName": "6736_MC_ANAT_DTI_TANZANIE_23052019",
	"PatientID": "6736",
	"PatientBirthDate": "1950-01-01",
	"PatientSex": "M",
	"PatientWeight": 50,
	"BodyPartExamined": "BRAIN",
	"PatientPosition": "HFS",
	"SoftwareVersions": "5.6.1\\5.6.1.0",
	"MRAcquisitionType": "2D",
	"SeriesDescription": "DTI_high_128dir",
	"ProtocolName": "DTI_high_128dir",
	"ScanningSequence": "SE",
	"SequenceVariant": "SK",
	"ScanOptions": "FS",
	"ImageType": ["ORIGINAL", "PRIMARY", "M", "SE", "M", "SE"],
	"SeriesNumber": 401,
	"AcquisitionTime": "15:19:21.370000",
	"AcquisitionDateTime": "2019-05-23T15:19:21.370000",
	"AcquisitionNumber": 4,
	"PhilipsRWVSlope": 13.3336,
	"PhilipsRWVIntercept": 0,
	"PhilipsRescaleSlope": 13.3336,
	"PhilipsRescaleIntercept": 0,
	"PhilipsScaleSlope": 0.0424556,
	"UsePhilipsFloatNotDisplayScaling": 1,
	"SliceThickness": 1,
	"SpacingBetweenSlices": 1,
	"SAR": 1.312,
	"EchoTime": 0.061652,
	"RepetitionTime": 7.57826,
	"FlipAngle": 90,
	"CoilString": "TEST1_RI",
	"PercentPhaseFOV": 100,
	"PercentSampling": 100,
	"EchoTrainLength": 55,
	"PartialFourierEnabled": "YES",
	"PhaseEncodingStepsNoPartialFourier": 120,
	"AcquisitionMatrixPE": 120,
	"ReconMatrixPE": 128,
	"ParallelReductionFactorInPlane": 2.2,
	"WaterFatShift": 23.0461,
	"EstimatedEffectiveEchoSpacing": 0.000410297,
	"EstimatedTotalReadoutTime": 0.0521077,
	"PixelBandwidth": 1316,
	"PhaseEncodingAxis": "j",
	"PhaseEncodingDirection": "j",
	"ImageOrientationPatientDICOM": [
		0.999957,
		-0.00831181,
		0.00412974,
		0.00412959,
		-3.42991e-05,
		-0.999991	],
	"InPlanePhaseEncodingDirectionDICOM": "COL",
	"ConversionSoftware": "dcm2niix",
	"ConversionSoftwareVersion": "v1.0.20210317"
}
