{
	"TaskName": "rest",
	"Modality": "MR",
	"MagneticFieldStrength": 3,
	"ImagingFrequency": 127.76,
	"Manufacturer": "Philips",
	"ManufacturersModelName": "Achieva dStream",
	"DeviceSerialNumber": "34111",
	"StationName": "HOST_INGENIA",
	"SeriesInstanceUID": "1.3.46.670589.11.34111.5.0.8660.2019070115424813114",
	"StudyInstanceUID": "1.3.46.670589.11.34111.5.0.13800.2019070115123719008",
	"StudyID": "599317957",
	"PatientName": "6838_MC_ANAT_RST_TANZANIE_01072019",
	"PatientID": "6838",
	"PatientBirthDate": "1950-01-01",
	"PatientSex": "M",
	"PatientWeight": 50,
	"BodyPartExamined": "HEAD",
	"PatientPosition": "HFS",
	"SoftwareVersions": "5.6.1\\5.6.1.0",
	"MRAcquisitionType": "2D",
	"SeriesDescription": "EPI_clear_TE30_600Dyn",
	"ProtocolName": "WIP EPI_clear_TE30_600Dyn",
	"ScanningSequence": "GR",
	"SequenceVariant": "SK",
	"ScanOptions": "FS",
	"ImageType": ["ORIGINAL", "PRIMARY", "M", "FFE", "M", "FFE"],
	"SeriesNumber": 501,
	"AcquisitionTime": "15:43:11.770000",
	"AcquisitionDateTime": "2019-07-01T15:43:11.770000",
	"AcquisitionNumber": 5,
	"PhilipsRWVSlope": 7.52479,
	"PhilipsRWVIntercept": 0,
	"PhilipsRescaleSlope": 7.52479,
	"PhilipsRescaleIntercept": 0,
	"PhilipsScaleSlope": 0.0279929,
	"UsePhilipsFloatNotDisplayScaling": 1,
	"SliceThickness": 1.8,
	"SpacingBetweenSlices": 1.8,
	"SAR": 0.524611,
	"EchoTime": 0.03,
	"RepetitionTime": 2,
	"FlipAngle": 75,
	"CoilString": "TEST1_RI",
	"PercentPhaseFOV": 100,
	"PercentSampling": 98.5294,
	"EchoTrainLength": 33,
	"PhaseEncodingSteps": 66,
	"AcquisitionMatrixPE": 66,
	"ReconMatrixPE": 80,
	"ParallelReductionFactorInPlane": 2,
	"WaterFatShift": 10.4004,
	"EstimatedEffectiveEchoSpacing": 0.000294159,
	"EstimatedTotalReadoutTime": 0.0232386,
	"PixelBandwidth": 1923,
	"PhaseEncodingAxis": "j",
	"ImageOrientationPatientDICOM": [
		0.998038,
		-0.0381928,
		-0.0496223,
		-0.0497333,
		-0.00195966,
		-0.998761	],
	"InPlanePhaseEncodingDirectionDICOM": "COL",
	"ConversionSoftware": "dcm2niix",
	"ConversionSoftwareVersion": "v1.0.20210317"
}
