{
	"Modality": "MR",
	"MagneticFieldStrength": 3,
	"ImagingFrequency": 127.76,
	"Manufacturer": "Philips",
	"ManufacturersModelName": "Achieva dStream",
	"DeviceSerialNumber": "34111",
	"StationName": "HOST_INGENIA",
	"SeriesInstanceUID": "1.3.46.670589.11.34111.5.0.1960.2019031116134132935",
	"StudyInstanceUID": "1.3.46.670589.11.34111.5.0.13728.2019031115200216010",
	"StudyID": "600186002",
	"PatientName": "6515_DTI_TUNISIE_11032019",
	"PatientID": "6515",
	"PatientBirthDate": "2000-01-01",
	"PatientSex": "M",
	"PatientWeight": 50,
	"BodyPartExamined": "HEAD",
	"PatientPosition": "HFS",
	"SoftwareVersions": "5.3.1\\5.3.1.1",
	"MRAcquisitionType": "2D",
	"SeriesDescription": "DTI_high_B0invert_H_4B0",
	"ProtocolName": "DTI_high_B0invert_H_4B0",
	"ScanningSequence": "SE",
	"SequenceVariant": "SK",
	"ScanOptions": "FS",
	"ImageType": ["ORIGINAL", "PRIMARY", "M", "SE", "M", "SE"],
	"SeriesNumber": 501,
	"AcquisitionTime": "16:13:56.120000",
	"AcquisitionDateTime": "2019-03-11T16:13:56.120000",
	"AcquisitionNumber": 5,
	"PhilipsRescaleSlope": 25.0813,
	"PhilipsRescaleIntercept": 0,
	"PhilipsScaleSlope": 0.0250126,
	"UsePhilipsFloatNotDisplayScaling": 1,
	"SliceThickness": 1,
	"SpacingBetweenSlices": 1,
	"SAR": 1.312,
	"EchoTime": 0.026199,
	"RepetitionTime": 7.07805,
	"FlipAngle": 90,
	"CoilString": "TEST1_RI",
	"PercentPhaseFOV": 100,
	"PercentSampling": 100,
	"EchoTrainLength": 53,
	"PartialFourierEnabled": "YES",
	"PhaseEncodingStepsNoPartialFourier": 100,
	"AcquisitionMatrixPE": 100,
	"ReconMatrixPE": 112,
	"ParallelReductionFactorInPlane": 1.9,
	"WaterFatShift": 22.2207,
	"EstimatedEffectiveEchoSpacing": 0.000452318,
	"EstimatedTotalReadoutTime": 0.0502073,
	"PixelBandwidth": 1317,
	"PhaseEncodingAxis": "j",
	"PhaseEncodingDirection": "j-",
	"TotalReadoutTime": "0.0502",
	"IntendedFor": "ses-02/dwi/sub-01_ses-02_acq-PA_dwi.nii.gz",
	"ImageOrientationPatientDICOM": [
		0.99927,
		0.0375388,
		0.00708796,
		0.00723722,
		-0.00384172,
		-0.999966	],
	"InPlanePhaseEncodingDirectionDICOM": "COL",
	"ConversionSoftware": "dcm2niix",
	"ConversionSoftwareVersion": "v1.0.20210317"
}
