{
	"TaskName": "rest",
	"Modality": "MR",
	"MagneticFieldStrength": 3,
	"ImagingFrequency": 127.762,
	"Manufacturer": "Philips",
	"ManufacturersModelName": "Achieva dStream",
	"DeviceSerialNumber": "34111",
	"StationName": "HOST_INGENIA",
	"SeriesInstanceUID": "1.3.46.670589.11.34111.5.0.5492.2019013115463348920",
	"StudyInstanceUID": "1.3.46.670589.11.34111.5.0.11504.2019013115214067002",
	"StudyID": "601914100",
	"PatientName": "6422_MC_FONC_ANESTH_NIKITA_31012019",
	"PatientID": "6422",
	"PatientBirthDate": "2019-01-31",
	"PatientSex": "O",
	"PatientWeight": 50,
	"BodyPartExamined": "HEAD",
	"PatientPosition": "HFS",
	"SoftwareVersions": "5.3.1\\5.3.1.1",
	"MRAcquisitionType": "2D",
	"SeriesDescription": "EPI_clear_TE30_102Dyn",
	"ProtocolName": "WIP EPI_clear_TE30_102Dyn",
	"ScanningSequence": "GR",
	"SequenceVariant": "SK",
	"ScanOptions": "FS",
	"ImageType": ["ORIGINAL", "PRIMARY", "M", "FFE", "M", "FFE"],
	"SeriesNumber": 501,
	"AcquisitionTime": "15:46:58.050000",
	"AcquisitionDateTime": "2019-01-31T15:46:58.050000",
	"AcquisitionNumber": 5,
	"PhilipsRescaleSlope": 6.46618,
	"PhilipsRescaleIntercept": 0,
	"PhilipsScaleSlope": 0.0282889,
	"UsePhilipsFloatNotDisplayScaling": 1,
	"SliceThickness": 1.8,
	"SpacingBetweenSlices": 1.8,
	"SAR": 0.525376,
	"EchoTime": 0.030001,
	"RepetitionTime": 2,
	"FlipAngle": 75,
	"CoilString": "TEST1_RI",
	"PercentPhaseFOV": 100,
	"PercentSampling": 98.5294,
	"EchoTrainLength": 33,
	"PhaseEncodingSteps": 66,
	"AcquisitionMatrixPE": 66,
	"ReconMatrixPE": 80,
	"ParallelReductionFactorInPlane": 2,
	"WaterFatShift": 10.4005,
	"EstimatedEffectiveEchoSpacing": 0.000294159,
	"EstimatedTotalReadoutTime": 0.0232386,
	"PixelBandwidth": 1930,
	"PhaseEncodingAxis": "j",
	"ImageOrientationPatientDICOM": [
		0.992442,
		-0.107556,
		0.0590787,
		0.0592295,
		-0.00179409,
		-0.998243	],
	"InPlanePhaseEncodingDirectionDICOM": "COL",
	"ConversionSoftware": "dcm2niix",
	"ConversionSoftwareVersion": "v1.0.20210317"
}
