{
	"Modality": "MR",
	"MagneticFieldStrength": 3,
	"ImagingFrequency": 127.76,
	"Manufacturer": "Philips",
	"ManufacturersModelName": "Achieva dStream",
	"DeviceSerialNumber": "34111",
	"StationName": "HOST_INGENIA",
	"SeriesInstanceUID": "1.3.46.670589.11.34111.5.0.1988.2019041715310045293",
	"StudyInstanceUID": "1.3.46.670589.11.34111.5.0.14848.2019041715063302008",
	"StudyID": "600699993",
	"PatientName": "6648_MC_ANAT_DTI_NIKITA_17042019",
	"PatientID": "6648",
	"PatientBirthDate": "1950-01-01",
	"PatientSex": "M",
	"PatientWeight": 50,
	"BodyPartExamined": "HEAD",
	"PatientPosition": "HFS",
	"SoftwareVersions": "5.3.1\\5.3.1.1",
	"MRAcquisitionType": "2D",
	"SeriesDescription": "DTI_high_128dir",
	"ProtocolName": "DTI_high_128dir",
	"ScanningSequence": "SE",
	"SequenceVariant": "SK",
	"ScanOptions": "FS",
	"ImageType": ["ORIGINAL", "PRIMARY", "M", "SE", "M", "SE"],
	"SeriesNumber": 601,
	"AcquisitionTime": "15:31:9.270000",
	"AcquisitionDateTime": "2019-04-17T15:31:9.270000",
	"AcquisitionNumber": 6,
	"PhilipsRescaleSlope": 7.61832,
	"PhilipsRescaleIntercept": 0,
	"PhilipsScaleSlope": 0.0455589,
	"UsePhilipsFloatNotDisplayScaling": 1,
	"SliceThickness": 1,
	"SpacingBetweenSlices": 1,
	"SAR": 1.312,
	"EchoTime": 0.061652,
	"RepetitionTime": 7.13248,
	"FlipAngle": 90,
	"CoilString": "TEST1_RI",
	"PercentPhaseFOV": 100,
	"PercentSampling": 100,
	"EchoTrainLength": 55,
	"PartialFourierEnabled": "YES",
	"PhaseEncodingStepsNoPartialFourier": 120,
	"AcquisitionMatrixPE": 120,
	"ReconMatrixPE": 128,
	"ParallelReductionFactorInPlane": 2.2,
	"WaterFatShift": 23.0448,
	"EstimatedEffectiveEchoSpacing": 0.000410272,
	"EstimatedTotalReadoutTime": 0.0521045,
	"PixelBandwidth": 1317,
	"PhaseEncodingAxis": "j",
	"PhaseEncodingDirection": "j",
	"ImageOrientationPatientDICOM": [
		0.997845,
		-0.0583158,
		0.0300751,
		0.0300404,
		-0.0014718,
		-0.999548	],
	"InPlanePhaseEncodingDirectionDICOM": "COL",
	"ConversionSoftware": "dcm2niix",
	"ConversionSoftwareVersion": "v1.0.20210317"
}
