{
	"Modality": "MR",
	"MagneticFieldStrength": 3,
	"ImagingFrequency": 127.776,
	"Manufacturer": "Philips",
	"ManufacturersModelName": "Achieva",
	"InstitutionName": "NEURO_CAMPUS BAUDOT",
	"InstitutionalDepartmentName": "I.R.M",
	"DeviceSerialNumber": "34111",
	"StationName": "PHILIPS-C7C7AAB",
	"SeriesInstanceUID": "1.3.46.670589.11.34111.5.0.7692.2015032715152159098",
	"StudyInstanceUID": "1.3.46.670589.11.34111.5.0.5860.2015032714583440010",
	"StudyID": "480524314",
	"PatientName": "2938_MC_ANAT_NIKITA",
	"PatientID": "2938",
	"PatientBirthDate": "2015-03-27",
	"PatientSex": "M",
	"PatientWeight": 50,
	"BodyPartExamined": "HEAD",
	"PatientPosition": "HFS",
	"SoftwareVersions": "3.2.3\\3.2.3.2",
	"MRAcquisitionType": "3D",
	"SeriesDescription": "T1_TFE_0.5_LEUV",
	"ProtocolName": "T1_TFE_0.5_LEUV CLEAR",
	"ScanningSequence": "GR",
	"SequenceVariant": "MP",
	"ScanOptions": "OTHER",
	"ImageType": ["ORIGINAL", "PRIMARY", "M", "FFE", "M", "FFE"],
	"SeriesNumber": 601,
	"AcquisitionTime": "15:15:21.590000",
	"AcquisitionDateTime": "2015-03-27T15:15:21.590000",
	"AcquisitionNumber": 6,
	"PhilipsRescaleSlope": 12.3927,
	"PhilipsRescaleIntercept": 0,
	"PhilipsScaleSlope": 0.00082337,
	"UsePhilipsFloatNotDisplayScaling": 1,
	"SliceThickness": 0.5,
	"SpacingBetweenSlices": 0.5,
	"SAR": 0.0823134,
	"EchoTime": 0.004667,
	"RepetitionTime": 0.0105516,
	"FlipAngle": 8,
	"CoilString": "Test1",
	"PercentPhaseFOV": 100,
	"PercentSampling": 99.6795,
	"EchoTrainLength": 192,
	"PhaseEncodingSteps": 192,
	"AcquisitionMatrixPE": 192,
	"ReconMatrixPE": 320,
	"WaterFatShift": 2.5018,
	"EstimatedEffectiveEchoSpacing": 1.79588e-05,
	"EstimatedTotalReadoutTime": 0.00572886,
	"PixelBandwidth": 174,
	"PhaseEncodingAxis": "i",
	"ImageOrientationPatientDICOM": [
		0.0807629,
		0.996722,
		0.00474339,
		0.0586313,
		5.42157e-20,
		-0.99828	],
	"InPlanePhaseEncodingDirectionDICOM": "ROW",
	"ConversionSoftware": "dcm2niix",
	"ConversionSoftwareVersion": "v1.0.20210317"
}
