{
	"Modality": "MR",
	"MagneticFieldStrength": 3,
	"ImagingFrequency": 127.759,
	"Manufacturer": "Philips",
	"ManufacturersModelName": "Achieva dStream",
	"DeviceSerialNumber": "34111",
	"StationName": "HOST_INGENIA",
	"SeriesInstanceUID": "1.3.46.670589.11.34111.5.0.7552.2019052316295048047",
	"StudyInstanceUID": "1.3.46.670589.11.34111.5.0.8324.2019052315092559004",
	"StudyID": "601218565",
	"PatientName": "6736_MC_ANAT_DTI_TANZANIE_23052019",
	"PatientID": "6736",
	"PatientBirthDate": "1950-01-01",
	"PatientSex": "M",
	"PatientWeight": 50,
	"BodyPartExamined": "BRAIN",
	"PatientPosition": "HFS",
	"SoftwareVersions": "5.6.1\\5.6.1.0",
	"MRAcquisitionType": "2D",
	"SeriesDescription": "DTI_high_B0invert_H_4B0",
	"ProtocolName": "DTI_high_B0invert_H_4B0",
	"ScanningSequence": "SE",
	"SequenceVariant": "SK",
	"ScanOptions": "FS",
	"ImageType": ["ORIGINAL", "PRIMARY", "M", "SE", "M", "SE"],
	"SeriesNumber": 801,
	"AcquisitionTime": "16:30:25.820000",
	"AcquisitionDateTime": "2019-05-23T16:30:25.820000",
	"AcquisitionNumber": 8,
	"PhilipsRWVSlope": 2.46325,
	"PhilipsRWVIntercept": 0,
	"PhilipsRescaleSlope": 2.46325,
	"PhilipsRescaleIntercept": 0,
	"PhilipsScaleSlope": 0.123533,
	"UsePhilipsFloatNotDisplayScaling": 1,
	"SliceThickness": 1,
	"SpacingBetweenSlices": 1,
	"SAR": 1.312,
	"EchoTime": 0.041644,
	"RepetitionTime": 7.57825,
	"FlipAngle": 90,
	"CoilString": "TEST1_RI",
	"PercentPhaseFOV": 100,
	"PercentSampling": 100,
	"EchoTrainLength": 119,
	"PartialFourierEnabled": "YES",
	"PhaseEncodingStepsNoPartialFourier": 119,
	"AcquisitionMatrixPE": 119,
	"ReconMatrixPE": 128,
	"WaterFatShift": 49.3547,
	"EstimatedEffectiveEchoSpacing": 0.000887198,
	"EstimatedTotalReadoutTime": 0.112674,
	"PixelBandwidth": 1318,
	"PhaseEncodingAxis": "j",
	"PhaseEncodingDirection": "j-",
	"TotalReadoutTime": "0.1127",
	"IntendedFor": "ses-02/dwi/sub-03_ses-02_acq-PA_dwi.nii.gz",
	"ImageOrientationPatientDICOM": [
		0.997492,
		-0.0562588,
		-0.0429512,
		-0.0432742,
		-0.00453521,
		-0.999053	],
	"InPlanePhaseEncodingDirectionDICOM": "COL",
	"ConversionSoftware": "dcm2niix",
	"ConversionSoftwareVersion": "v1.0.20210317"
}
