{
	
	"TaskName": "rest",
	"Modality": "MR",
	"MagneticFieldStrength": 3,
	"ImagingFrequency": 127.762,
	"Manufacturer": "Philips",
	"ManufacturersModelName": "Achieva dStream",
	"DeviceSerialNumber": "34111",
	"StationName": "HOST_INGENIA",
	"SeriesInstanceUID": "1.3.46.670589.11.34111.5.0.5748.2019022114122425272",
	"StudyInstanceUID": "1.3.46.670589.11.34111.5.0.11092.2019022113442693002",
	"StudyID": "601044266",
	"PatientName": "6476_RST_TUNISIE_21022019",
	"PatientID": "6476",
	"PatientBirthDate": "1950-01-01",
	"PatientSex": "M",
	"PatientWeight": 50,
	"BodyPartExamined": "HEAD",
	"PatientPosition": "HFS",
	"SoftwareVersions": "5.3.1\\5.3.1.1",
	"MRAcquisitionType": "2D",
	"SeriesDescription": "EPI_clear_TE30_600Dyn",
	"ProtocolName": "WIP EPI_clear_TE30_600Dyn",
	"ScanningSequence": "GR",
	"SequenceVariant": "SK",
	"ScanOptions": "FS",
	"ImageType": ["ORIGINAL", "PRIMARY", "M", "FFE", "M", "FFE"],
	"SeriesNumber": 601,
	"AcquisitionTime": "14:12:58.990000",
	"AcquisitionDateTime": "2019-02-21T14:12:58.990000",
	"AcquisitionNumber": 6,
	"PhilipsRescaleSlope": 32.8374,
	"PhilipsRescaleIntercept": 0,
	"PhilipsScaleSlope": 0.0278333,
	"UsePhilipsFloatNotDisplayScaling": 1,
	"SliceThickness": 1.8,
	"SpacingBetweenSlices": 1.8,
	"SAR": 0.524974,
	"EchoTime": 0.030001,
	"RepetitionTime": 2,
	"FlipAngle": 75,
	"CoilString": "TEST1_RI",
	"PercentPhaseFOV": 100,
	"PercentSampling": 98.5294,
	"EchoTrainLength": 33,
	"PhaseEncodingSteps": 66,
	"AcquisitionMatrixPE": 66,
	"ReconMatrixPE": 80,
	"ParallelReductionFactorInPlane": 2,
	"WaterFatShift": 10.3946,
	"EstimatedEffectiveEchoSpacing": 0.000293992,
	"EstimatedTotalReadoutTime": 0.0232254,
	"PixelBandwidth": 1920,
	"PhaseEncodingAxis": "j",
	"ImageOrientationPatientDICOM": [
		0.998251,
		0.00200012,
		0.0590787,
		0.0590687,
		0.00471634,
		-0.998243	],
	"InPlanePhaseEncodingDirectionDICOM": "COL",
	"ConversionSoftware": "dcm2niix",
	"ConversionSoftwareVersion": "v1.0.20210317"
}
