{
	"TaskName": "rest",
	"Modality": "MR",
	"MagneticFieldStrength": 3,
	"ImagingFrequency": 127.762,
	"Manufacturer": "Philips",
	"ManufacturersModelName": "Achieva dStream",
	"DeviceSerialNumber": "34111",
	"StationName": "HOST_INGENIA",
	"SeriesInstanceUID": "1.3.46.670589.11.34111.5.0.5196.2019011714175428960",
	"StudyInstanceUID": "1.3.46.670589.11.34111.5.0.12384.2019011714113980006",
	"StudyID": "600700299",
	"PatientName": "6382_rsFMRI_NIKITA_17012019",
	"PatientID": "6382",
	"PatientBirthDate": "2000-01-01",
	"PatientSex": "M",
	"PatientWeight": 50,
	"BodyPartExamined": "HEAD",
	"PatientPosition": "HFS",
	"SoftwareVersions": "5.3.1\\5.3.1.1",
	"MRAcquisitionType": "2D",
	"SeriesDescription": "EPI_clear_TE30_102Dyn",
	"ProtocolName": "WIP EPI_clear_TE30_102Dyn",
	"ScanningSequence": "GR",
	"SequenceVariant": "SK",
	"ScanOptions": "FS",
	"ImageType": ["ORIGINAL", "PRIMARY", "M", "FFE", "M", "FFE"],
	"SeriesNumber": 401,
	"AcquisitionTime": "14:18:17.260000",
	"AcquisitionDateTime": "2019-01-17T14:18:17.260000",
	"AcquisitionNumber": 4,
	"PhilipsRescaleSlope": 44.5424,
	"PhilipsRescaleIntercept": 0,
	"PhilipsScaleSlope": 0.0278358,
	"UsePhilipsFloatNotDisplayScaling": 1,
	"SliceThickness": 1.8,
	"SpacingBetweenSlices": 1.8,
	"SAR": 0.525374,
	"EchoTime": 0.03,
	"RepetitionTime": 2,
	"FlipAngle": 75,
	"CoilString": "TEST1_RI",
	"PercentPhaseFOV": 100,
	"PercentSampling": 98.5294,
	"EchoTrainLength": 33,
	"PhaseEncodingSteps": 66,
	"AcquisitionMatrixPE": 66,
	"ReconMatrixPE": 80,
	"ParallelReductionFactorInPlane": 2,
	"WaterFatShift": 10.4035,
	"EstimatedEffectiveEchoSpacing": 0.000294243,
	"EstimatedTotalReadoutTime": 0.0232452,
	"PixelBandwidth": 1930,
	"PhaseEncodingAxis": "j",
	"ImageOrientationPatientDICOM": [
		0.993576,
		-0.0965222,
		0.0590787,
		0.0592458,
		-0.00113589,
		-0.998243	],
	"InPlanePhaseEncodingDirectionDICOM": "COL",
	"ConversionSoftware": "dcm2niix",
	"ConversionSoftwareVersion": "v1.0.20210317"
}
