{
	"TaskName": "rest",
	"Modality": "MR",
	"MagneticFieldStrength": 3,
	"ImagingFrequency": 127.76,
	"Manufacturer": "Philips",
	"ManufacturersModelName": "Achieva dStream",
	"DeviceSerialNumber": "34111",
	"StationName": "HOST_INGENIA",
	"SeriesInstanceUID": "1.3.46.670589.11.34111.5.0.8168.2019052915251922741",
	"StudyInstanceUID": "1.3.46.670589.11.34111.5.0.6800.2019052915193831004",
	"StudyID": "601737578",
	"PatientName": "6752_MC_ANAT_RST_TANZANIE_29052019",
	"PatientID": "6752",
	"PatientBirthDate": "1950-01-01",
	"PatientSex": "M",
	"PatientWeight": 50,
	"BodyPartExamined": "HEAD",
	"PatientPosition": "HFS",
	"SoftwareVersions": "5.6.1\\5.6.1.0",
	"MRAcquisitionType": "2D",
	"SeriesDescription": "EPI_clear_TE30_600Dyn",
	"ProtocolName": "WIP EPI_clear_TE30_600Dyn",
	"ScanningSequence": "GR",
	"SequenceVariant": "SK",
	"ScanOptions": "FS",
	"ImageType": ["ORIGINAL", "PRIMARY", "M", "FFE", "M", "FFE"],
	"SeriesNumber": 301,
	"AcquisitionTime": "15:25:44.120000",
	"AcquisitionDateTime": "2019-05-29T15:25:44.120000",
	"AcquisitionNumber": 3,
	"PhilipsRWVSlope": 8.85495,
	"PhilipsRWVIntercept": 0,
	"PhilipsRescaleSlope": 8.85495,
	"PhilipsRescaleIntercept": 0,
	"PhilipsScaleSlope": 0.0270151,
	"UsePhilipsFloatNotDisplayScaling": 1,
	"SliceThickness": 1.8,
	"SpacingBetweenSlices": 1.8,
	"SAR": 0.524615,
	"EchoTime": 0.030001,
	"RepetitionTime": 2,
	"FlipAngle": 75,
	"CoilString": "TEST1_RI",
	"PercentPhaseFOV": 100,
	"PercentSampling": 98.5294,
	"EchoTrainLength": 33,
	"PhaseEncodingSteps": 66,
	"AcquisitionMatrixPE": 66,
	"ReconMatrixPE": 80,
	"ParallelReductionFactorInPlane": 2,
	"WaterFatShift": 10.4063,
	"EstimatedEffectiveEchoSpacing": 0.000294327,
	"EstimatedTotalReadoutTime": 0.0232518,
	"PixelBandwidth": 1925,
	"PhaseEncodingAxis": "j",
	"ImageOrientationPatientDICOM": [
		0.999889,
		0.00301892,
		-0.0146147,
		-0.014605,
		-0.00321826,
		-0.999888	],
	"InPlanePhaseEncodingDirectionDICOM": "COL",
	"ConversionSoftware": "dcm2niix",
	"ConversionSoftwareVersion": "v1.0.20210317"
}
