{
	"Modality": "MR",
	"MagneticFieldStrength": 3,
	"ImagingFrequency": 127.776,
	"Manufacturer": "Philips",
	"ManufacturersModelName": "Achieva",
	"InstitutionName": "NEURO_CAMPUS BAUDOT",
	"InstitutionalDepartmentName": "I.R.M",
	"DeviceSerialNumber": "34111",
	"StationName": "PHILIPS-C7C7AAB",
	"SeriesInstanceUID": "1.3.46.670589.11.34111.5.0.5760.2015051313531257119",
	"StudyInstanceUID": "1.3.46.670589.11.34111.5.0.6956.2015051313485246000",
	"StudyID": "484580932",
	"PatientName": "3062_MC_ANAT_TUNISIE",
	"PatientID": "3062",
	"PatientBirthDate": "2015-05-13",
	"PatientSex": "F",
	"PatientWeight": 5,
	"BodyPartExamined": "HEAD",
	"PatientPosition": "HFS",
	"SoftwareVersions": "3.2.3\\3.2.3.2",
	"MRAcquisitionType": "3D",
	"SeriesDescription": "T1_TFE_0.5_LEUV CLEAR",
	"ProtocolName": "T1_TFE_0.5_LEUV CLEAR",
	"ScanningSequence": "GR",
	"SequenceVariant": "MP",
	"ScanOptions": "OTHER",
	"ImageType": ["ORIGINAL", "PRIMARY", "M", "FFE", "M", "FFE"],
	"SeriesNumber": 301,
	"AcquisitionTime": "13:53:12.570000",
	"AcquisitionDateTime": "2015-05-13T13:53:12.570000",
	"AcquisitionNumber": 3,
	"PhilipsRescaleSlope": 12.7705,
	"PhilipsRescaleIntercept": 0,
	"PhilipsScaleSlope": 0.00083558,
	"UsePhilipsFloatNotDisplayScaling": 1,
	"SliceThickness": 0.5,
	"SpacingBetweenSlices": 0.5,
	"SAR": 0.0823134,
	"EchoTime": 0.004573,
	"RepetitionTime": 0.0103294,
	"FlipAngle": 8,
	"CoilString": "Test1",
	"PercentPhaseFOV": 100,
	"PercentSampling": 99.6795,
	"EchoTrainLength": 192,
	"PhaseEncodingSteps": 192,
	"AcquisitionMatrixPE": 192,
	"ReconMatrixPE": 320,
	"WaterFatShift": 2.5018,
	"EstimatedEffectiveEchoSpacing": 1.79588e-05,
	"EstimatedTotalReadoutTime": 0.00572887,
	"PixelBandwidth": 174,
	"PhaseEncodingAxis": "i",
	"ImageOrientationPatientDICOM": [
		0,
		1,
		0,
		0,
		0,
		-1	],
	"InPlanePhaseEncodingDirectionDICOM": "ROW",
	"ConversionSoftware": "dcm2niix",
	"ConversionSoftwareVersion": "v1.0.20210317"
}
